Brain Vision Data Exchange Header File Version 2.0
; Data created from history path: mdo14112_1RestEC10s250Hz/Raw Data/theta

[Common Infos]
Codepage=UTF-8
DataFile=mdo14112_1RestEC10s250Hz_theta.dat
MarkerFile=mdo14112_1RestEC10s250Hz_theta.vmrk
DataFormat=BINARY
; Data orientation: VECTORIZED=ch1,pt1, ch1,pt2..., MULTIPLEXED=ch1,pt1, ch2,pt1 ...
DataOrientation=MULTIPLEXED
DataType=TIMEDOMAIN
NumberOfChannels=58
DataPoints=20000
; Sampling interval in microseconds if time domain (convert to Hertz:
; 1000000 / SamplingInterval) or in Hertz if frequency domain:
SamplingInterval=4000
SegmentationType=FIXTIME
SegmentDataPoints=2500

[User Infos]
; Each entry: Prop<Number>=<Type>,<Name>,<Value>,<Value2>,...,<ValueN>
; Property number must be unique. Types can be int, single, string, bool, byte, double, uint
; or arrays of those, indicated int-array etc
; Array types have more than one value, number of values determines size of array.
; Fields are delimited by commas, commas in strings are written \1

[Binary Infos]
BinaryFormat=IEEE_FLOAT_32

[Channel Infos]
; Each entry: Ch<Channel number>=<Name>,<Reference channel name>,
; <Resolution in "Unit">,<Unit>, Future extensions...
; Fields are delimited by commas, some fields might be omitted (empty).
; Commas in channel names are coded as "\1".
Ch1=Fp1,,,µV
Ch2=Fpz,,,µV
Ch3=Fp2,,,µV
Ch4=AF3,,,µV
Ch5=AF4,,,µV
Ch6=F7,,,µV
Ch7=F5,,,µV
Ch8=F3,,,µV
Ch9=F1,,,µV
Ch10=Fz,,,µV
Ch11=F2,,,µV
Ch12=F4,,,µV
Ch13=F6,,,µV
Ch14=F8,,,µV
Ch15=FC5,,,µV
Ch16=FC3,,,µV
Ch17=FC1,,,µV
Ch18=FCz,,,µV
Ch19=FC2,,,µV
Ch20=FC4,,,µV
Ch21=FC6,,,µV
Ch22=T7,,,µV
Ch23=C5,,,µV
Ch24=C3,,,µV
Ch25=C1,,,µV
Ch26=Cz,,,µV
Ch27=C2,,,µV
Ch28=C4,,,µV
Ch29=C6,,,µV
Ch30=T8,,,µV
Ch31=TP7,,,µV
Ch32=CP5,,,µV
Ch33=CP3,,,µV
Ch34=CP1,,,µV
Ch35=CPz,,,µV
Ch36=CP2,,,µV
Ch37=CP4,,,µV
Ch38=CP6,,,µV
Ch39=TP8,,,µV
Ch40=P7,,,µV
Ch41=P5,,,µV
Ch42=P3,,,µV
Ch43=P1,,,µV
Ch44=Pz,,,µV
Ch45=P2,,,µV
Ch46=P4,,,µV
Ch47=P6,,,µV
Ch48=P8,,,µV
Ch49=PO7,,,µV
Ch50=PO3,,,µV
Ch51=PO1,,,µV
Ch52=POz,,,µV
Ch53=PO2,,,µV
Ch54=PO4,,,µV
Ch55=PO8,,,µV
Ch56=O1,,,µV
Ch57=Oz,,,µV
Ch58=O2,,,µV

[Channel User Infos]
; Each entry: Prop<Number>=Ch<ChannelNumber>,<Type>,<Name>,<Value>,<Value2>,...,<ValueN>
; Property number must be unique. Types can be int, single, string, bool, byte, double, uint
; or arrays of those, indicated int-array etc
; Array types have more than one value, number of values determines size of array.
; Fields are delimited by commas, commas in strings are written \1
; Properties are assigned to channels using their channel number.

[Coordinates]
; Each entry: Ch<Channel number>=<Radius>,<Theta>,<Phi>
Ch1=1,-90,-72
Ch2=1,90,90
Ch3=1,90,72
Ch4=1,-74,-68
Ch5=1,74,68
Ch6=1,-90,-36
Ch7=1,-74,-41
Ch8=1,-60,-51
Ch9=1,-49,-68
Ch10=1,45,90
Ch11=1,49,68
Ch12=1,60,51
Ch13=1,74,41
Ch14=1,90,36
Ch15=1,-69,-21
Ch16=1,-49,-29
Ch17=1,-31,-46
Ch18=1,23,90
Ch19=1,31,46
Ch20=1,49,29
Ch21=1,69,21
Ch22=1,-90,0
Ch23=1,-68,0
Ch24=1,-45,0
Ch25=1,-23,0
Ch26=1,0,0
Ch27=1,23,0
Ch28=1,45,0
Ch29=1,68,0
Ch30=1,90,0
Ch31=1,-90,18
Ch32=1,-69,21
Ch33=1,-49,29
Ch34=1,-31,46
Ch35=1,22,-90
Ch36=1,31,-46
Ch37=1,49,-29
Ch38=1,69,-21
Ch39=1,90,-18
Ch40=1,-90,36
Ch41=1,-74,41
Ch42=1,-60,51
Ch43=1,-49,68
Ch44=1,45,-90
Ch45=1,49,-68
Ch46=1,60,-51
Ch47=1,74,-41
Ch48=1,90,-36
Ch49=1,-90,54
Ch50=1,-74,68
Ch51=1,-69,79
Ch52=1,67,-90
Ch53=1,69,-79
Ch54=1,74,-68
Ch55=1,90,-54
Ch56=1,-90,72
Ch57=1,90,-90
Ch58=1,90,-72
